PATH
  remote: .
  specs:
    sambatech (0.0.1)
      faraday (>= 0.8.4, < 0.9)
      faraday_middleware (>= 0.9.0, < 0.10)
      hashie (~> 1.2.0)
      multi_xml (~> 0.5.1)
      rash (~> 0.3.2)

GEM
  remote: http://rubygems.org/
  specs:
    addressable (2.3.2)
    bluecloth (2.0.11)
    columnize (0.3.6)
    crack (0.3.2)
    debugger (1.2.3)
      columnize (>= 0.3.1)
      debugger-linecache (~> 1.1.1)
      debugger-ruby_core_source (~> 1.1.5)
    debugger-linecache (1.1.2)
      debugger-ruby_core_source (>= 1.1.1)
    debugger-ruby_core_source (1.1.6)
    diff-lcs (1.1.3)
    faraday (0.8.4)
      multipart-post (~> 1.1)
    faraday_middleware (0.9.0)
      faraday (>= 0.7.4, < 0.9)
    hashie (1.2.0)
    multi_xml (0.5.2)
    multipart-post (1.1.5)
    rake (10.0.3)
    rash (0.3.2)
      hashie (~> 1.2.0)
    rspec (2.11.0)
      rspec-core (~> 2.11.0)
      rspec-expectations (~> 2.11.0)
      rspec-mocks (~> 2.11.0)
    rspec-core (2.11.1)
    rspec-expectations (2.11.3)
      diff-lcs (~> 1.1.3)
    rspec-mocks (2.11.3)
    webmock (1.9.0)
      addressable (>= 2.2.7)
      crack (>= 0.1.7)

PLATFORMS
  ruby

DEPENDENCIES
  bluecloth (~> 2.0.11)
  debugger
  rake (~> 10.0.3)
  rspec (~> 2.11.0)
  sambatech!
  webmock (~> 1.6)
